GEM
  remote: http://rubygems.org/
  specs:
    builder (3.0.0)
    colorize (0.5.8)
    excon (0.6.3)
    fog (0.7.1)
      builder
      excon (>= 0.5.7)
      formatador (>= 0.1.2)
      json
      mime-types
      net-ssh (>= 2.0.23)
      nokogiri (>= 1.4.4)
      ruby-hmac
    formatador (0.1.3)
    json (1.5.1)
    mime-types (1.16)
    net-ssh (2.1.4)
    nokogiri (1.4.4)
    rake (0.8.7)
    ruby-hmac (0.4.0)
    stomp (1.1.8)

PLATFORMS
  ruby

DEPENDENCIES
  colorize
  fog
  json
  rake
  stomp
